GIT
  remote: git@github.com:henriquenm/signer.git
  revision: 3abcc17ab74cd3193c7c052b6e88b824f1cf30e9
  specs:
    signer (1.4.2)
      nokogiri (>= 1.5.1)

GEM
  remote: https://rubygems.org/
  specs:
    activemodel (4.2.1)
      activesupport (= 4.2.1)
      builder (~> 3.1)
    activesupport (4.2.1)
      i18n (~> 0.7)
      json (~> 1.7, >= 1.7.7)
      minitest (~> 5.1)
      thread_safe (~> 0.3, >= 0.3.4)
      tzinfo (~> 1.1)
    akami (1.3.0)
      gyoku (>= 0.4.0)
      nokogiri
    barby (0.5.1)
    br_danfe (0.0.5)
      barby (= 0.5.1)
      br_documents (>= 0.0.8)
      i18n
      nokogiri
      prawn (= 1.0.0)
    br_documents (0.0.9)
      activemodel (>= 4.0.0)
      i18n (>= 0.6.5)
    builder (3.2.2)
    chilkat (9.5.0.48)
    domain_name (0.5.24)
      unf (>= 0.0.5, < 1.0.0)
    gyoku (1.3.1)
      builder (>= 2.1.2)
    http-cookie (1.0.2)
      domain_name (~> 0.5)
    httpclient (2.6.0.1)
    httpi (2.4.0)
      rack
    i18n (0.7.0)
    json (1.8.2)
    macaddr (1.7.1)
      systemu (~> 2.6.2)
    mime-types (2.5)
    mini_portile (0.6.2)
    minitest (5.6.1)
    netrc (0.10.3)
    nokogiri (1.6.6.2)
      mini_portile (~> 0.6.0)
    nori (2.6.0)
    pdf-core (0.2.5)
    prawn (1.0.0)
      pdf-core (~> 0.2.2)
      ttfunk (~> 1.1.1)
    rack (1.6.1)
    rake (10.4.2)
    rest-client (1.8.0)
      http-cookie (>= 1.0.2, < 2.0)
      mime-types (>= 1.16, < 3.0)
      netrc (~> 0.7)
    ruby_danfe (1.11.5)
      barby
      nokogiri
      prawn (~> 1.0.0)
      rake
    savon (2.11.0)
      akami (~> 1.2)
      builder (>= 2.1.2)
      gyoku (~> 1.2)
      httpi (~> 2.3)
      nokogiri (>= 1.4.0)
      nori (~> 2.4)
      uuid (~> 2.3.7)
      wasabi (~> 3.4)
    systemu (2.6.5)
    thread_safe (0.3.5)
    ttfunk (1.1.1)
    tzinfo (1.2.2)
      thread_safe (~> 0.1)
    unf (0.1.4)
      unf_ext
    unf_ext (0.0.7.1)
    uuid (2.3.7)
      macaddr (~> 1.0)
    wasabi (3.5.0)
      httpi (~> 2.0)
      nokogiri (>= 1.4.2)

PLATFORMS
  ruby

DEPENDENCIES
  br_danfe
  chilkat
  httpclient
  rest-client
  ruby_danfe
  savon
  signer!
