GEM
  remote: https://rubygems.org/
  specs:
    coderay (1.1.0)
    method_source (0.8.2)
    mini_portile (0.6.2)
    nokogiri (1.6.6.2)
      mini_portile (~> 0.6.0)
    openssl (1.0.0.beta)
    pry (0.10.1)
      coderay (~> 1.1.0)
      method_source (~> 0.8.1)
      slop (~> 3.4)
    signer (1.4.2)
      nokogiri (>= 1.5.1)
    slop (3.6.0)

PLATFORMS
  ruby

DEPENDENCIES
  openssl (~> 1.0.0.beta)
  pry
  signer
