GEM
  remote: https://rubygems.org/
  specs:
    akami (1.3.0)
      gyoku (>= 0.4.0)
      nokogiri
    barby (0.6.2)
    br_danfe (0.0.2)
      barby
      i18n
      nokogiri
      prawn
    builder (3.2.2)
    chilkat (9.5.0.48)
    gyoku (1.3.1)
      builder (>= 2.1.2)
    httpclient (2.6.0.1)
    httpi (2.4.0)
      rack
    i18n (0.7.0)
    macaddr (1.7.1)
      systemu (~> 2.6.2)
    mime-types (2.4.3)
    mini_portile (0.6.2)
    netrc (0.7.7)
    nokogiri (1.6.6.2)
      mini_portile (~> 0.6.0)
    nori (2.5.0)
    pdf-core (0.2.5)
    prawn (1.0.0)
      pdf-core (~> 0.2.2)
      ttfunk (~> 1.1.1)
    rack (1.6.0)
    rake (10.4.2)
    rest-client (1.7.2)
      mime-types (>= 1.16, < 3.0)
      netrc (~> 0.7)
    ruby_danfe (1.11.5)
      barby
      nokogiri
      prawn (~> 1.0.0)
      rake
    savon (2.11.0)
      akami (~> 1.2)
      builder (>= 2.1.2)
      gyoku (~> 1.2)
      httpi (~> 2.3)
      nokogiri (>= 1.4.0)
      nori (~> 2.4)
      uuid (~> 2.3.7)
      wasabi (~> 3.4)
    signer (1.4.2)
      nokogiri (>= 1.5.1)
    systemu (2.6.5)
    ttfunk (1.1.1)
    uuid (2.3.7)
      macaddr (~> 1.0)
    wasabi (3.5.0)
      httpi (~> 2.0)
      nokogiri (>= 1.4.2)

PLATFORMS
  ruby

DEPENDENCIES
  br_danfe
  chilkat
  httpclient
  rest-client
  ruby_danfe
  savon
  signer
